GEM
  remote: https://rubygems.org/
  specs:
    activesupport (3.0.0)
    json (1.8.0)
    mustermann (1.0.3)
    rack (2.0.7)
    rack-cache (1.2)
      rack (>= 0.4)
    rack-protection (2.0.5)
      rack
    sass (3.2.9)
    sinatra (2.0.5)
      mustermann (~> 1.0)
      rack (~> 2.0)
      rack-protection (= 2.0.5)
      tilt (~> 2.0)
    tilt (2.0.9)

PLATFORMS
  ruby

DEPENDENCIES
  activesupport
  json
  rack-cache
  sass
  sinatra
